PATH
  remote: .
  specs:
    learning_studio_authentication (0.0.1)
      httpclient (~> 2.4, >= 2.4.0)

GEM
  remote: https://rubygems.org/
  specs:
    activesupport (4.2.5)
      i18n (~> 0.7)
      json (~> 1.7, >= 1.7.7)
      minitest (~> 5.1)
      thread_safe (~> 0.3, >= 0.3.4)
      tzinfo (~> 1.1)
    ansi (1.5.0)
    builder (3.2.2)
    diff-lcs (1.2.5)
    docile (1.1.5)
    factory_girl (4.5.0)
      activesupport (>= 3.0.0)
    httpclient (2.7.0.1)
    i18n (0.7.0)
    json (1.8.3)
    minitest (5.8.3)
    minitest-reporters (1.1.7)
      ansi
      builder
      minitest (>= 5.0)
      ruby-progressbar
    rake (10.4.2)
    rspec (2.99.0)
      rspec-core (~> 2.99.0)
      rspec-expectations (~> 2.99.0)
      rspec-mocks (~> 2.99.0)
    rspec-core (2.99.2)
    rspec-expectations (2.99.2)
      diff-lcs (>= 1.1.3, < 2.0)
    rspec-mocks (2.99.4)
    ruby-progressbar (1.7.5)
    simplecov (0.11.1)
      docile (~> 1.1.0)
      json (~> 1.8)
      simplecov-html (~> 0.10.0)
    simplecov-html (0.10.0)
    thread_safe (0.3.5)
    tzinfo (1.2.2)
      thread_safe (~> 0.1)

PLATFORMS
  ruby

DEPENDENCIES
  bundler (~> 1.3)
  factory_girl (~> 4.0, >= 4.0.0)
  learning_studio_authentication!
  minitest (~> 5.3, >= 5.3.4)
  minitest-reporters (~> 1.0, >= 1.0.5)
  rake (~> 10.3, >= 10.3.1)
  rspec (~> 2.14, >= 2.14.1)
  simplecov (~> 0.8, >= 0.8.0)

BUNDLED WITH
   1.11.2
